PATH
  remote: .
  specs:
    omnibot (0.0.7)
      amqp
      eventmachine
      xmpp4r

GEM
  specs:
    amqp (0.7.1)
      eventmachine (>= 0.12.4)
    eventmachine (0.12.10)
    xmpp4r (0.5)

PLATFORMS
  ruby

DEPENDENCIES
  omnibot!
