PATH
  remote: .
  specs:
    omnibot (0.0.9)
      amqp
      eventmachine
      xmpp4r

GEM
  specs:
    amqp (0.7.4)
      eventmachine
    eventmachine (0.12.10)
    xmpp4r (0.5)

PLATFORMS
  ruby

DEPENDENCIES
  omnibot!
