PATH
  remote: .
  specs:
    omnibot (0.0.5)
      amqp
      eventmachine
      xmpp4r

GEM
  specs:
    amqp (0.6.7)
      eventmachine (>= 0.12.4)
    eventmachine (0.12.10)
    xmpp4r (0.5)

PLATFORMS
  ruby

DEPENDENCIES
  amqp
  eventmachine
  omnibot!
  xmpp4r
